GEM
  remote: http://rubygems.org/
  specs:
    addressable (2.3.2)
    ansi (1.4.3)
    crack (0.3.1)
    git (1.2.5)
    httparty (0.9.0)
      multi_json (~> 1.0)
      multi_xml
    jeweler (1.8.4)
      bundler (~> 1.0)
      git (>= 1.2.5)
      rake
      rdoc
    json (1.7.5)
    multi_json (1.5.0)
    multi_xml (0.5.1)
    rake (10.0.3)
    rdoc (3.12)
      json (~> 1.4)
    turn (0.9.6)
      ansi
    vcr (2.4.0)
    webmock (1.9.0)
      addressable (>= 2.2.7)
      crack (>= 0.1.7)

PLATFORMS
  ruby

DEPENDENCIES
  bundler
  httparty
  jeweler
  rake
  rdoc
  turn
  vcr
  webmock
